GEM
  remote: https://rubygems.org/
  specs:
    addressable (2.7.0)
      public_suffix (>= 2.0.2, < 5.0)
    domain_name (0.5.20190701)
      unf (>= 0.0.5, < 1.0.0)
    ffi (1.15.1-x64-mingw32)
    ffi-compiler (1.0.1)
      ffi (>= 1.0.0)
      rake
    http (5.0.0)
      addressable (~> 2.3)
      http-cookie (~> 1.0)
      http-form_data (~> 2.2)
      llhttp-ffi (~> 0.0.1)
    http-cookie (1.0.3)
      domain_name (~> 0.5)
    http-form_data (2.3.0)
    llhttp-ffi (0.0.1)
      ffi-compiler (~> 1.0)
      rake (~> 13.0)
    pg (1.2.3-x64-mingw32)
    public_suffix (4.0.6)
    rake (13.0.3)
    unf (0.1.4)
      unf_ext
    unf_ext (0.0.7.7-x64-mingw32)

PLATFORMS
  x64-mingw32

DEPENDENCIES
  http
  pg

BUNDLED WITH
   2.2.18
